GEM
  remote: https://rubygems.org/
  specs:
    asciidoctor (2.0.10)

PLATFORMS
  ruby
  x64-mingw32

DEPENDENCIES
  asciidoctor (~> 2)

BUNDLED WITH
   2.1.4
