GEM
  remote: https://rubygems.org/
  specs:
    asciidoctor (2.0.17)

PLATFORMS
  ruby
  x64-mingw32

DEPENDENCIES
  asciidoctor (~> 2.0)

BUNDLED WITH
   2.2.22
